GEM
  specs:
    minitest (4.4.0)
    minitest-matchers (1.2.0)
      minitest (>= 2.5.0)

PLATFORMS
  ruby

DEPENDENCIES
  minitest
  minitest-matchers
